GEM
  remote: https://rubygems.org/
  specs:
    midori.rb (0.7.1)
      mizu (~> 0.1.2)
      murasaki (~> 0.2.2)
      mustermann (~> 1.0)
    mimemagic (0.3.3)
    mizu (0.1.2)
    murasaki (0.2.2)
      nio4r (~> 2.0)
    mustermann (1.0.3)
    nio4r (2.4.0)
    rake (12.3.3)

PLATFORMS
  x64-mingw32

DEPENDENCIES
  midori.rb
  mimemagic
  rake

BUNDLED WITH
   2.0.2
